GEM
  remote: https://rubygems.org/
  specs:
    activesupport (6.1.3.2)
      concurrent-ruby (~> 1.0, >= 1.0.2)
      i18n (>= 1.6, < 2)
      minitest (>= 5.1)
      tzinfo (~> 2.0)
      zeitwerk (~> 2.3)
    addressable (2.8.0)
      public_suffix (>= 2.0.2, < 5.0)
    concurrent-ruby (1.1.8)
    crack (0.4.5)
      rexml
    diff-lcs (1.4.4)
    docile (1.4.0)
    dotenv (2.7.6)
    faraday (1.4.2)
      faraday-em_http (~> 1.0)
      faraday-em_synchrony (~> 1.0)
      faraday-excon (~> 1.1)
      faraday-net_http (~> 1.0)
      faraday-net_http_persistent (~> 1.1)
      multipart-post (>= 1.2, < 3)
      ruby2_keywords (>= 0.0.4)
    faraday-em_http (1.0.0)
    faraday-em_synchrony (1.0.0)
    faraday-excon (1.1.0)
    faraday-net_http (1.0.1)
    faraday-net_http_persistent (1.1.0)
    faraday_middleware (1.0.0)
      faraday (~> 1.0)
    fast_jsonapi (1.5)
      activesupport (>= 4.2)
    ffi (1.15.1)
    hashdiff (1.0.1)
    i18n (1.8.10)
      concurrent-ruby (~> 1.0)
    listen (3.5.1)
      rb-fsevent (~> 0.10, >= 0.10.3)
      rb-inotify (~> 0.9, >= 0.9.10)
    logger (1.4.3)
    minitest (5.14.4)
    multipart-post (2.1.1)
    mustermann (1.1.1)
      ruby2_keywords (~> 0.0.1)
    public_suffix (4.0.6)
    rack (2.2.3)
    rack-protection (2.1.0)
      rack
    rack-test (1.1.0)
      rack (>= 1.0, < 3)
    rb-fsevent (0.11.0)
    rb-inotify (0.10.1)
      ffi (~> 1.0)
    require_all (3.0.0)
    rerun (0.13.1)
      listen (~> 3.0)
    rexml (3.2.5)
    rspec (3.10.0)
      rspec-core (~> 3.10.0)
      rspec-expectations (~> 3.10.0)
      rspec-mocks (~> 3.10.0)
    rspec-core (3.10.1)
      rspec-support (~> 3.10.0)
    rspec-expectations (3.10.1)
      diff-lcs (>= 1.2.0, < 2.0)
      rspec-support (~> 3.10.0)
    rspec-mocks (3.10.2)
      diff-lcs (>= 1.2.0, < 2.0)
      rspec-support (~> 3.10.0)
    rspec-support (3.10.2)
    ruby2_keywords (0.0.4)
    simplecov (0.21.2)
      docile (~> 1.1)
      simplecov-html (~> 0.11)
      simplecov_json_formatter (~> 0.1)
    simplecov-html (0.12.3)
    simplecov_json_formatter (0.1.3)
    sinatra (2.1.0)
      mustermann (~> 1.0)
      rack (~> 2.2)
      rack-protection (= 2.1.0)
      tilt (~> 2.0)
    tilt (2.0.10)
    tzinfo (2.0.4)
      concurrent-ruby (~> 1.0)
    vcr (6.0.0)
    webmock (3.13.0)
      addressable (>= 2.3.6)
      crack (>= 0.3.2)
      hashdiff (>= 0.4.0, < 2.0.0)
    zeitwerk (2.4.2)

PLATFORMS
  ruby

DEPENDENCIES
  dotenv!
  faraday!
  faraday_middleware!
  fast_jsonapi!
  logger!
  rack-test!
  require_all!
  rerun!
  rspec!
  simplecov!
  sinatra!
  vcr!
  webmock!

BUNDLED WITH
   1.17.3
